GEM
  remote: https://rubygems.org/
  specs:
    brakeman (3.4.0)
    bundler-audit (0.5.0)
      bundler (~> 1.2)
      thor (~> 0.18)
    thor (0.19.1)

PLATFORMS
  ruby

DEPENDENCIES
  brakeman
  bundler-audit

BUNDLED WITH
   1.13.0
